GEM
  remote: http://rubygems.org/
  specs:
    archive-tar-minitar (0.5.2)
    columnize (0.3.2)
    diff-lcs (1.1.2)
    fattr (2.2.0)
    linecache19 (0.5.12)
      ruby_core_source (>= 0.1.4)
    rspec (1.3.0)
    ruby-debug-base19 (0.11.25)
      columnize (>= 0.3.1)
      linecache19 (>= 0.5.11)
      ruby_core_source (>= 0.1.4)
    ruby-debug19 (0.11.6)
      columnize (>= 0.3.1)
      linecache19 (>= 0.5.11)
      ruby-debug-base19 (>= 0.11.19)
    ruby_core_source (0.1.5)
      archive-tar-minitar (>= 0.5.2)
    session (3.1.0)
      fattr

PLATFORMS
  ruby

DEPENDENCIES
  diff-lcs (= 1.1.2)
  rspec (= 1.3.0)
  ruby-debug19 (= 0.11.6)
  session (= 3.1.0)
