PATH
  remote: .
  specs:
    bitclust-core (0.5.2)
      rack
    bitclust-dev (0.5.2)
      bitclust-core (= 0.5.2)
    refe2 (0.5.2)
      bitclust-core (= 0.5.2)

GEM
  remote: http://rubygems.org/
  specs:
    rack (1.4.1)
    rake (0.9.2.2)
    rr (1.0.4)
    test-unit (2.5.1)
    test-unit-notify (0.3.0)
      test-unit (>= 2.1.2)
    test-unit-rr (1.0.1)
      rr (>= 1.0.2)
      test-unit (>= 2.1.2)

PLATFORMS
  ruby

DEPENDENCIES
  bitclust-core!
  bitclust-dev!
  rake
  refe2!
  test-unit
  test-unit-notify
  test-unit-rr
